GEM
  specs:
    jwt (1.5.6)

PLATFORMS
  ruby

DEPENDENCIES
  jwt (~> 1.5, >= 1.5.6)

BUNDLED WITH
   1.14.6
